PATH
  remote: .
  specs:
    rosette-datastore-memory (1.0.0)

PATH
  remote: ~/workspace/rosette-core
  specs:
    rosette-core (1.0.0)
      progress-reporters (~> 1.0.0)

GEM
  remote: https://rubygems.org/
  specs:
    activemodel (4.1.6)
      activesupport (= 4.1.6)
      builder (~> 3.1)
    activesupport (4.1.6)
      i18n (~> 0.6, >= 0.6.9)
      json (~> 1.7, >= 1.7.7)
      minitest (~> 5.1)
      thread_safe (~> 0.1)
      tzinfo (~> 1.1)
    builder (3.2.2)
    coderay (1.1.0)
    diff-lcs (1.2.5)
    ffi (1.9.6-java)
    i18n (0.6.11)
    json (1.8.1-java)
    method_source (0.8.2)
    minitest (5.4.2)
    progress-reporters (1.0.0)
    pry (0.9.12.6-java)
      coderay (~> 1.0)
      method_source (~> 0.8)
      slop (~> 3.4)
      spoon (~> 0.0)
    pry-nav (0.2.4)
      pry (>= 0.9.10, < 0.11.0)
    rake (10.3.2)
    rr (1.1.2)
    rspec (3.1.0)
      rspec-core (~> 3.1.0)
      rspec-expectations (~> 3.1.0)
      rspec-mocks (~> 3.1.0)
    rspec-core (3.1.7)
      rspec-support (~> 3.1.0)
    rspec-expectations (3.1.2)
      diff-lcs (>= 1.2.0, < 2.0)
      rspec-support (~> 3.1.0)
    rspec-mocks (3.1.3)
      rspec-support (~> 3.1.0)
    rspec-support (3.1.2)
    slop (3.6.0)
    spoon (0.0.4)
      ffi
    thread_safe (0.3.4-java)
    tzinfo (1.2.2)
      thread_safe (~> 0.1)

PLATFORMS
  java

DEPENDENCIES
  activemodel (~> 4.1.0)
  pry (~> 0.9.0)
  pry-nav
  rake
  rosette-core (~> 1.0.0)!
  rosette-datastore-memory!
  rr
  rspec
